GEM
  remote: http://rubygems.org/
  specs:
    ffi (1.9.25)

PLATFORMS
  ruby

DEPENDENCIES
  ffi

BUNDLED WITH
   1.16.2
